PATH
  remote: .
  specs:
    bravo_presenter (0.0.5)

GEM
  remote: http://rubygems.org/
  specs:

PLATFORMS
  ruby

DEPENDENCIES
  bravo_presenter!
